GEM
  remote: https://rubygems.org/
  specs:
    async_sinatra (1.1.0)
      rack (>= 1.4.1)
      sinatra (>= 1.3.2)
    backports (3.3.4)
    blankslate (2.1.2.4)
    daemons (1.1.9)
    eventmachine (1.0.3)
    json (1.7.7)
    multi_json (1.8.0)
    parslet (1.5.0)
      blankslate (~> 2.0)
    posix-spawn (0.3.6)
    rack (1.5.2)
    rack-protection (1.5.0)
      rack
    rack-test (0.6.2)
      rack (>= 1.0)
    rake (10.0.4)
    rubyzip (0.9.9)
    sinatra (1.4.3)
      rack (~> 1.4)
      rack-protection (~> 1.4)
      tilt (~> 1.3, >= 1.3.4)
    sinatra-contrib (1.4.1)
      backports (>= 2.0)
      multi_json
      rack-protection
      rack-test
      sinatra (~> 1.4.0)
      tilt (~> 1.3)
    thin (1.5.1)
      daemons (>= 1.0.9)
      eventmachine (>= 0.12.6)
      rack (>= 1.0.0)
    tilt (1.4.1)
    toml (0.0.4)
      parslet

PLATFORMS
  ruby

DEPENDENCIES
  async_sinatra
  eventmachine (~> 1.0.3)
  json (~> 1.7.7)
  posix-spawn (~> 0.3.6)
  rake
  rubyzip (~> 0.9.9)
  sinatra (~> 1.4.3)
  sinatra-contrib (~> 1.4.1)
  thin (~> 1.5.1)
  toml (~> 0.0.4)
