GEM
  remote: https://rubygems.org/
  specs:
    async_sinatra (1.2.1)
      rack (>= 1.4.1)
      sinatra (>= 1.3.2)
    backports (3.6.8)
    blankslate (2.1.2.4)
    daemons (1.2.3)
    eventmachine (1.2.0.1)
    multi_json (1.11.2)
    parslet (1.5.0)
      blankslate (~> 2.0)
    posix-spawn (0.3.11)
    rack (1.6.13)
    rack-protection (1.5.3)
      rack
    rack-test (0.6.3)
      rack (>= 1.0)
    rake (11.1.2)
    sinatra (1.4.7)
      rack (~> 1.5)
      rack-protection (~> 1.4)
      tilt (>= 1.3, < 3)
    sinatra-contrib (1.4.7)
      backports (>= 2.0)
      multi_json
      rack-protection
      rack-test
      sinatra (~> 1.4.0)
      tilt (>= 1.3, < 3)
    thin (1.6.4)
      daemons (~> 1.0, >= 1.0.9)
      eventmachine (~> 1.0, >= 1.0.4)
      rack (~> 1.0)
    tilt (2.0.2)
    toml (0.1.2)
      parslet (~> 1.5.0)

PLATFORMS
  ruby

DEPENDENCIES
  async_sinatra
  eventmachine (~> 1.2.0)
  posix-spawn (~> 0.3.11)
  rake
  sinatra (~> 1.4.7)
  sinatra-contrib (~> 1.4.7)
  thin (~> 1.6.4)
  toml (~> 0.1.2)

BUNDLED WITH
   1.11.2
